PATH
  remote: ../geronimo_client
  specs:
    geronimo_client (0.0.1)
      faraday
      json
      uuid

GEM
  specs:
    faraday (0.8.7)
      multipart-post (~> 1.1)
    json (1.8.0)
    macaddr (1.6.1)
      systemu (~> 2.5.0)
    multipart-post (1.2.0)
    systemu (2.5.2)
    uuid (2.3.5)
      macaddr (~> 1.0)

PLATFORMS
  ruby

DEPENDENCIES
  geronimo_client!
  uuid
